GIT
  remote: git://github.com/kitto/metar-parser.git
  revision: df158d3257ea0d0ab3b62c54ff20d33453a45329
  specs:
    metar-parser (0.9.8)
      aasm (>= 2.1.5)
      i18n (>= 0.3.5)
      m9t (~> 0.2.3)
      rake (>= 0.8.7)

GEM
  specs:
    aasm (3.0.0)
      activerecord
    activemodel (3.1.2)
      activesupport (= 3.1.2)
      builder (~> 3.0.0)
      i18n (~> 0.6)
    activerecord (3.1.2)
      activemodel (= 3.1.2)
      activesupport (= 3.1.2)
      arel (~> 2.2.1)
      tzinfo (~> 0.3.29)
    activesupport (3.1.2)
      multi_json (~> 1.0)
    arel (2.2.1)
    builder (3.0.0)
    i18n (0.6.0)
    m9t (0.2.3)
      i18n (>= 0.3.5)
    multi_json (1.0.4)
    nokogiri (1.5.0)
    rack (1.3.5)
    rack-protection (1.1.4)
      rack
    rake (0.9.2.2)
    sinatra (1.3.1)
      rack (~> 1.3, >= 1.3.4)
      rack-protection (~> 1.1, >= 1.1.2)
      tilt (~> 1.3, >= 1.3.3)
    tilt (1.3.3)
    tzinfo (0.3.31)

PLATFORMS
  ruby

DEPENDENCIES
  metar-parser!
  nokogiri
  sinatra
